GEM
  remote: https://rubygems.org/
  specs:
    rake (11.3.0)
    sass (3.4.25)
    scss_lint (0.49.0)
      rake (>= 0.9, < 12)
      sass (~> 3.4.20)
    scss_lint_reporter_checkstyle (0.2.0)

PLATFORMS
  x86_64-linux

DEPENDENCIES
  scss_lint (= 0.49.0)
  scss_lint_reporter_checkstyle (= 0.2.0)

BUNDLED WITH
   2.2.20
